GIT
  remote: git://github.com/bradhe/ruby-git.git
  revision: de8e04d4e37a54136d4c74d1eb07642cb4849bba
  specs:
    git (1.2.5)

GIT
  remote: git://github.com/quintel/atlas.git
  revision: 85f7746e988df1eff00f4c15db32a48291082dda
  ref: 85f7746
  specs:
    atlas (1.0.0)
      activemodel (>= 4.1.14.1)
      activesupport (>= 4.1.14.1)
      turbine-graph (>= 0.1)
      virtus (~> 1.0)

GIT
  remote: git://github.com/quintel/fever.git
  revision: e988f2ddb81c799a44bdd6582d379d11e67f62b1
  ref: e988f2d
  specs:
    fever (0.1.0)

GIT
  remote: git://github.com/quintel/merit.git
  revision: 8f1e90e6fc4d9f6cfa34ec22647d6edcb84a93ac
  ref: 8f1e90e
  specs:
    quintel_merit (0.1.0)
      terminal-table

GIT
  remote: git://github.com/quintel/osmosis.git
  revision: ac8a371a76fe9bafd72edca03a8b1f3891abcf8d
  specs:
    osmosis (1.0.0)

GIT
  remote: git://github.com/quintel/refinery.git
  revision: 9fe6ac46b2f9865985eb222f97ff3d3cf6f00c08
  ref: 9fe6ac4
  specs:
    refinery (0.0.1)
      ruby-graphviz
      terminal-table
      turbine-graph (>= 0.1.1)

GIT
  remote: git://github.com/quintel/rubel.git
  revision: e36554afd5f6bce2e3c2cb3ae6a48604b87a66f5
  ref: e36554a
  specs:
    rubel (0.1.1)

GEM
  remote: http://rubygems.org/
  remote: http://gems.github.com/
  specs:
    actionmailer (4.2.10)
      actionpack (= 4.2.10)
      actionview (= 4.2.10)
      activejob (= 4.2.10)
      mail (~> 2.5, >= 2.5.4)
      rails-dom-testing (~> 1.0, >= 1.0.5)
    actionpack (4.2.10)
      actionview (= 4.2.10)
      activesupport (= 4.2.10)
      rack (~> 1.6)
      rack-test (~> 0.6.2)
      rails-dom-testing (~> 1.0, >= 1.0.5)
      rails-html-sanitizer (~> 1.0, >= 1.0.2)
    actionview (4.2.10)
      activesupport (= 4.2.10)
      builder (~> 3.1)
      erubis (~> 2.7.0)
      rails-dom-testing (~> 1.0, >= 1.0.5)
      rails-html-sanitizer (~> 1.0, >= 1.0.3)
    activejob (4.2.10)
      activesupport (= 4.2.10)
      globalid (>= 0.3.0)
    activemodel (4.2.10)
      activesupport (= 4.2.10)
      builder (~> 3.1)
    activerecord (4.2.10)
      activemodel (= 4.2.10)
      activesupport (= 4.2.10)
      arel (~> 6.0)
    activesupport (4.2.10)
      i18n (~> 0.7)
      minitest (~> 5.1)
      thread_safe (~> 0.3, >= 0.3.4)
      tzinfo (~> 1.1)
    airbrake (3.1.16)
      builder
      multi_json
    airbrussh (1.3.0)
      sshkit (>= 1.6.1, != 1.7.0)
    arel (6.0.4)
    axiom-types (0.1.1)
      descendants_tracker (~> 0.0.4)
      ice_nine (~> 0.11.0)
      thread_safe (~> 0.3, >= 0.3.1)
    bcrypt (3.1.11)
    better_errors (1.1.0)
      coderay (>= 1.0.0)
      erubis (>= 2.6.6)
    binding_of_caller (0.7.2)
      debug_inspector (>= 0.0.1)
    builder (3.2.3)
    byebug (3.4.0)
      columnize (~> 0.8)
      debugger-linecache (~> 1.2)
      slop (~> 3.6)
    cancan (1.6.10)
    capistrano (3.10.1)
      airbrussh (>= 1.0.0)
      i18n
      rake (>= 10.0.0)
      sshkit (>= 1.9.0)
    capistrano-bundler (1.1.3)
      capistrano (~> 3.1)
      sshkit (~> 1.2)
    capistrano-rails (1.1.2)
      capistrano (~> 3.1)
      capistrano-bundler (~> 1.1)
    capistrano-rbenv (2.1.3)
      capistrano (~> 3.1)
      sshkit (~> 1.3)
    capistrano3-puma (3.1.1)
      capistrano (~> 3.7)
      capistrano-bundler
      puma (~> 3.4)
    celluloid (0.15.2)
      timers (~> 1.1.0)
    celluloid-io (0.15.0)
      celluloid (>= 0.15.0)
      nio4r (>= 0.5.0)
    coderay (1.1.0)
    coercible (1.0.0)
      descendants_tracker (~> 0.0.1)
    coffee-rails (4.0.1)
      coffee-script (>= 2.2.0)
      railties (>= 4.0.0, < 5.0)
    coffee-script (2.2.0)
      coffee-script-source
      execjs
    coffee-script-source (1.7.0)
    columnize (0.8.9)
    concurrent-ruby (1.0.5)
    crass (1.0.3)
    dalli (2.7.0)
    debug_inspector (0.0.2)
    debugger-linecache (1.2.0)
    descendants_tracker (0.0.4)
      thread_safe (~> 0.3, >= 0.3.1)
    devise (3.5.10)
      bcrypt (~> 3.0)
      orm_adapter (~> 0.1)
      railties (>= 3.2.6, < 5)
      responders
      thread_safe (~> 0.1)
      warden (~> 1.2.3)
    diff-lcs (1.3)
    distribution (0.7.0)
    dotenv (0.10.0)
    dotenv-rails (0.10.0)
      dotenv (= 0.10.0)
    equalizer (0.0.11)
    erubis (2.7.0)
    execjs (2.0.2)
    factory_girl (4.9.0)
      activesupport (>= 3.0.0)
    factory_girl_rails (4.9.0)
      factory_girl (~> 4.9.0)
      railties (>= 3.0.0)
    ffi (1.9.3)
    fnv (0.2.0)
    gctools (0.2.3)
    globalid (0.4.1)
      activesupport (>= 4.2.0)
    gravatar_image_tag (1.2.0)
    haml (4.0.5)
      tilt
    highline (1.6.21)
    i18n (0.9.1)
      concurrent-ruby (~> 1.0)
    ice_nine (0.11.2)
    jquery-rails (2.0.3)
      railties (>= 3.1.0, < 5.0)
      thor (~> 0.14)
    json (1.8.6)
    kaminari (0.15.1)
      actionpack (>= 3.0.0)
      activesupport (>= 3.0.0)
    libv8 (3.16.14.17)
    listen (2.7.1)
      celluloid (>= 0.15.2)
      celluloid-io (>= 0.15.0)
      rb-fsevent (>= 0.9.3)
      rb-inotify (>= 0.9)
    loofah (2.1.1)
      crass (~> 1.0.2)
      nokogiri (>= 1.5.9)
    mail (2.7.0)
      mini_mime (>= 0.1.1)
    method_source (0.8.2)
    mime-types (3.1)
      mime-types-data (~> 3.2015)
    mime-types-data (3.2016.0521)
    mini_mime (1.0.0)
    mini_portile2 (2.3.0)
    minitest (5.11.1)
    msgpack (1.2.0)
    multi_json (1.12.2)
    mysql2 (0.3.21)
    net-scp (1.2.1)
      net-ssh (>= 2.6.5)
    net-ssh (4.2.0)
    newrelic_rpm (3.7.3.204)
    nio4r (1.1.1)
    nokogiri (1.8.1)
      mini_portile2 (~> 2.3.0)
    orm_adapter (0.5.0)
    pry (0.10.1)
      coderay (~> 1.1.0)
      method_source (~> 0.8.1)
      slop (~> 3.4)
    pry-byebug (2.0.0)
      byebug (~> 3.4)
      pry (~> 0.10)
    pry-rails (0.3.2)
      pry (>= 0.9.10)
    puma (3.11.0)
    quiet_assets (1.1.0)
      railties (>= 3.1, < 5.0)
    rack (1.6.8)
    rack-cors (0.2.9)
    rack-test (0.6.3)
      rack (>= 1.0)
    rails (4.2.10)
      actionmailer (= 4.2.10)
      actionpack (= 4.2.10)
      actionview (= 4.2.10)
      activejob (= 4.2.10)
      activemodel (= 4.2.10)
      activerecord (= 4.2.10)
      activesupport (= 4.2.10)
      bundler (>= 1.3.0, < 2.0)
      railties (= 4.2.10)
      sprockets-rails
    rails-deprecated_sanitizer (1.0.3)
      activesupport (>= 4.2.0.alpha)
    rails-dom-testing (1.0.9)
      activesupport (>= 4.2.0, < 5.0)
      nokogiri (~> 1.6)
      rails-deprecated_sanitizer (>= 1.0.1)
    rails-html-sanitizer (1.0.3)
      loofah (~> 2.0)
    railties (4.2.10)
      actionpack (= 4.2.10)
      activesupport (= 4.2.10)
      rake (>= 0.8.7)
      thor (>= 0.18.1, < 2.0)
    rake (10.5.0)
    rb-fsevent (0.9.4)
    rb-inotify (0.9.3)
      ffi (>= 0.5.0)
    ref (1.0.5)
    responders (2.4.0)
      actionpack (>= 4.2.0, < 5.3)
      railties (>= 4.2.0, < 5.3)
    rest-client (1.6.7)
      mime-types (>= 1.16)
    rspec-core (3.7.1)
      rspec-support (~> 3.7.0)
    rspec-expectations (3.7.0)
      diff-lcs (>= 1.2.0, < 2.0)
      rspec-support (~> 3.7.0)
    rspec-mocks (3.7.0)
      diff-lcs (>= 1.2.0, < 2.0)
      rspec-support (~> 3.7.0)
    rspec-rails (3.7.2)
      actionpack (>= 3.0)
      activesupport (>= 3.0)
      railties (>= 3.0)
      rspec-core (~> 3.7.0)
      rspec-expectations (~> 3.7.0)
      rspec-mocks (~> 3.7.0)
      rspec-support (~> 3.7.0)
    rspec-support (3.7.0)
    ruby-graphviz (1.2.1)
    ruby_deep_clone (0.8.0)
    sass (3.4.25)
    sass-rails (5.0.7)
      railties (>= 4.0.0, < 6)
      sass (~> 3.1)
      sprockets (>= 2.8, < 4.0)
      sprockets-rails (>= 2.0, < 4.0)
      tilt (>= 1.1, < 3)
    shoulda-matchers (2.5.0)
      activesupport (>= 3.0.0)
    simple_form (3.0.2)
      actionpack (~> 4.0)
      activemodel (~> 4.0)
    simplecov (0.7.1)
      multi_json (~> 1.0)
      simplecov-html (~> 0.7.1)
    simplecov-html (0.7.1)
    slop (3.6.0)
    spring (1.1.2)
    sprockets (3.7.1)
      concurrent-ruby (~> 1.0)
      rack (> 1, < 3)
    sprockets-rails (3.2.1)
      actionpack (>= 4.0)
      activesupport (>= 4.0)
      sprockets (>= 3.0.0)
    sshkit (1.15.1)
      net-scp (>= 1.1.2)
      net-ssh (>= 2.8.0)
    term-ansicolor (1.0.7)
    terminal-table (1.8.0)
      unicode-display_width (~> 1.1, >= 1.1.1)
    text-table (1.2.3)
    therubyracer (0.12.1)
      libv8 (~> 3.16.14.0)
      ref
    thor (0.20.0)
    thread_safe (0.3.6)
    tilt (2.0.8)
    timers (1.1.0)
    turbine-graph (0.1.3)
    tzinfo (1.2.4)
      thread_safe (~> 0.1)
    unicode-display_width (1.3.0)
    virtus (1.0.5)
      axiom-types (~> 0.1)
      coercible (~> 1.0)
      descendants_tracker (~> 0.0, >= 0.0.3)
      equalizer (~> 0.0, >= 0.0.9)
    warden (1.2.7)
      rack (>= 1.0)
    watchr (0.7)

PLATFORMS
  ruby

DEPENDENCIES
  airbrake
  atlas!
  better_errors
  binding_of_caller
  cancan
  capistrano (~> 3.9)
  capistrano-bundler (~> 1.1)
  capistrano-rails (~> 1.1)
  capistrano-rbenv (~> 2.1)
  capistrano3-puma (~> 3.1.1)
  coffee-rails
  dalli
  devise (~> 3.5)
  distribution (~> 0.6)
  dotenv-rails
  factory_girl_rails
  fever!
  fnv
  gctools
  git!
  gravatar_image_tag
  haml (~> 4.0)
  highline
  jquery-rails (~> 2.0.2)
  json (~> 1.8.1)
  kaminari
  listen
  msgpack
  mysql2 (~> 0.3.11)
  newrelic_rpm
  osmosis!
  pry-byebug
  pry-rails
  puma
  quiet_assets
  quintel_merit!
  rack-cors
  rails (~> 4.2.0)
  rake (< 11.0)
  refinery!
  rest-client
  rspec-rails (~> 3.7)
  rubel!
  ruby-graphviz
  ruby_deep_clone (~> 0.8)
  sass-rails
  shoulda-matchers
  simple_form
  simplecov (~> 0.7.1)
  spring
  term-ansicolor (= 1.0.7)
  text-table
  therubyracer (>= 0.12.0)
  turbine-graph (>= 0.1)
  watchr

RUBY VERSION
   ruby 2.4.2p198

BUNDLED WITH
   1.16.0
